GEM
  remote: http://rubygems.org/
  remote: http://gems.github.com/
  specs:
    allison (2.0.3)
    daemons (1.0.10)
    echoe (4.5.6)
      allison
      gemcutter
      rubyforge
    gem_plugin (0.2.3)
    gemcutter (0.7.0)
    json_pure (1.5.1)
    mongrel (1.2.0.pre2)
      daemons (~> 1.0.10)
      gem_plugin (~> 0.2.3)
    rspec (1.3.2)
    rubyforge (2.0.4)
      json_pure (>= 1.1.7)

PLATFORMS
  ruby

DEPENDENCIES
  echoe (= 4.5.6)
  mongrel (= 1.2.0.pre2)
  rspec (= 1.3.2)
